##TITLE=Parameter List, ParaVision 6.0.1
##JCAMPDX=4.24
##DATATYPE=Parameter Values
##ORIGIN=Bruker BioSpin MRI GmbH
##OWNER=hynynen
$$ 2024-09-16 10:52:16.878 -0400  hynynen@bruker3
$$ /opt/nmrdata/PV6.0.1_data/hynynen/20240916_101717_SKWU1A_Sept16_2024_RK50_HL_SKWU1A_Sept16_20_1_2/6/acqus
$$ process /opt/PV6.0.1/prog/mod/parx
##$BYTORDA=0
##$TD=4096
##$AQ_mod=3
##$BF1=300.322543391596
##$BF2=300.329
##$BF3=300.329
##$BF4=300.329
##$BF5=300.329
##$BF6=300.329
##$BF7=300.329
##$BF8=300.329
##$D=0 1.289616 0 0 0.000167 0 5e-05 0.000167 0.001333 0.000584 0.001333 
0.000167 0 0 0 0 0 0 0 0 0 0 0 0 0 0 0 0 0 0 0 0 0 0 0 0 0 0 0 0 0 0 0 0 0 0 
0 0 0 0 0 0 0 0 0 0 0 0 0 0 0 0 0 0
##$DATE=1726497691
##$DE=6
##$DECIM=5000
##$DIGTYP=12
##$DIGMOD=1
##$DR=23
##$DS=2
##$DSPFIRM=0
##$DSPFVS=20
##$FCUCHAN=0 2 0 0 0 0 0 0 0 0
##$FQ1LIST=<ACQ_O1_list>
##$FQ2LIST=<ACQ_O2_list>
##$FQ3LIST=<ACQ_O3_list>
##$FQ8LIST=<ACQ_O1B_list>
##$FW=0
##$GRDPROG=<>
##$GRPDLY=67.9851226806641
##$HDDUTY=20
##$HDRATE=1
##$HPPRGN=0
##$INSTRUM=<spect>
##$L=0 0 0 0 0 0 0 0 0 0 0 0 0 0 0 0 0 0 0 0 0 0 0 0 0 0 0 0 0 0 0 0
##$LOCNUC=<off>
##$NLOGCH=2
##$NUC1=<1H>
##$NUC2=<off>
##$NUC3=<off>
##$NUC4=<off>
##$NUC5=<off>
##$NUC6=<off>
##$NUC7=<off>
##$NUC8=<off>
##$NUCLEUS=<1H>
##$O1=0
##$O2=0
##$O3=0
##$O4=0
##$O5=0
##$O6=0
##$O7=0
##$O8=0
##$P=548 400 850 850 0 0 0 0 0 0 0 0 0 0 0 0 0 0 0 0 0 0 0 0 0 0 0 0 0 0 0 0 0 
0 0 0 0 0 0 0 0 0 0 0 0 0 0 0 0 0 0 0 0 0 0 0 0 0 0 0 0 0 0 0
##$PAPS=2
##$PARMODE=0
##$PH_ref=0
##$PLW=0 0 0 0 0 0 0 0 0 0 0 0 0 0 0 0 0 0 0 0 0 0 0 0 0 0 0 0 0 0 0 0 0 0 0 0 
0 0 0 0 0 0 0 0 0 0 0 0 0 0 0 0 0 0 0 0 0 0 0 0 0 0 0 0
##$HPMOD=0 0 1 0 0 0 0 0
##$POWMOD=1
##$PRECHAN=-1 -1 1 -1 -1 -1 -1 -1 -1 -1 -1 -1 -1 -1 -1 -1
##$PULPROG=<PRESS.ppg>
##$QNP=1
##$RECCHAN=0 2 0 0 0 0 0 0 0 0 0 0 0 0 0 0
##$RECPRE=-1 -1 -1 -1 -1 -1 -1 -1 -1 -1 -1 -1 -1 -1 -1 -1
##$RECSEL=0 0 2 0 0 0 0 0 0 0 0 0 0 0 0 0
##$RG=64
##$RSEL=0 0 2 0 0 0 0 0 0 0 0 0 0 0 0 0
##$SELREC=0 2 2 2 2 0 0 0 0 0
##$SFO1=300.322543391596
##$SFO2=300.329
##$SFO3=300.329
##$SFO4=300.329
##$SFO5=300.329
##$SFO6=300.329
##$SFO7=300.329
##$SFO8=300.329
##$SOLVENT=<>
##$SPW=0.865341786787117 412.517541424479 529.978171262909 529.978171262909 0 
0 0 0 0 0 0 0 0 0 0 0 0 0 0 0 0 0 0 0 0 0 0 0 0 0 0 0 0 0 0 0 0 0 0 0 0 0 0 0 
0 0 0 0 0 0 0.0562341325190349 0.741310241300917 0 144.428083074786 0 0 0 0 0 
0 0 0 0 0
##$SPOFFS=0 0 0 0 0 0 0 0 0 0 0 0 0 0 0 0 0 0 0 0 0 0 0 0 0 0 0 0 0 0 0 0 0 0 
0 0 0 0 0 0 0 0 0 0 0 0 0 0 0 0 0 0 0 0 0 0 0 0 0 0 0 0 0 0
##$SPNAM0=<gauss.exc>
##$SPNAM1=<$VoxPul1Shape>
##$SPNAM2=<$VoxPul2Shape>
##$SPNAM3=<$VoxPul3Shape>
##$SPNAM4=<>
##$SPNAM5=<>
##$SPNAM6=<>
##$SPNAM7=<>
##$SPNAM8=<>
##$SPNAM9=<>
##$SPNAM10=<>
##$SPNAM11=<>
##$SPNAM12=<>
##$SPNAM13=<>
##$SPNAM14=<>
##$SPNAM15=<>
##$SPNAM16=<>
##$SPNAM17=<>
##$SPNAM18=<>
##$SPNAM19=<>
##$SPNAM20=<>
##$SPNAM21=<>
##$SPNAM22=<>
##$SPNAM23=<>
##$SPNAM24=<>
##$SPNAM25=<>
##$SPNAM26=<>
##$SPNAM27=<>
##$SPNAM28=<>
##$SPNAM29=<>
##$SPNAM30=<>
##$SPNAM31=<>
##$SPNAM32=<>
##$SPNAM33=<>
##$SPNAM34=<>
##$SPNAM35=<>
##$SPNAM36=<>
##$SPNAM37=<>
##$SPNAM38=<>
##$SPNAM39=<>
##$SPNAM40=<>
##$SPNAM41=<>
##$SPNAM42=<>
##$SPNAM43=<>
##$SPNAM44=<>
##$SPNAM45=<>
##$SPNAM46=<>
##$SPNAM47=<>
##$SPNAM48=<>
##$SPNAM49=<>
##$SPNAM50=<hermite.exc>
##$SPNAM51=<hermite.inv>
##$SPNAM52=<>
##$SPNAM53=<sech.exc>
##$SPNAM54=<>
##$SPNAM55=<>
##$SPNAM56=<>
##$SPNAM57=<>
##$SPNAM58=<>
##$SPNAM59=<>
##$SPNAM60=<>
##$SPNAM61=<>
##$SPNAM62=<>
##$SPNAM63=<>
##$SPOAL=0.5 0.5 0 0 0.5 0.5 0.5 0.5 0.5 0.5 0.5 0.5 0.5 0.5 0.5 0.5 0.5 0.5 
0.5 0.5 0.5 0.5 0.5 0.5 0.5 0.5 0.5 0.5 0.5 0.5 0.5 0.5 0.5 0.5 0.5 0.5 0.5 
0.5 0.5 0.5 0.5 0.5 0.5 0.5 0.5 0.5 0.5 0.5 0.5 0.5 0.5 0 0.5 0.5 0.5 0.5 0.5 
0.5 0.5 0.5 0.5 0.5 0.5 0.5
##$SPPEX=0 0 0 0 0 0 0 0 0 0 0 0 0 0 0 0 0 0 0 0 0 0 0 0 0 0 0 0 0 0 0 0 0 0 0 
0 0 0 0 0 0 0 0 0 0 0 0 0 0 0 0 0 0 0 0 0 0 0 0 0 0 0 0 0
##$SW=13.3190134674117
##$SW_h=4000
##$SWIBOX=0 0 2 0 0 0 0 0 0 0 0 0 0 0 0 0 0 0 0 0
##END=
